PATH
  remote: .
  specs:
    csscss (1.3.2)
      colorize
      parslet (~> 1.5)

GEM
  remote: https://rubygems.org/
  specs:
    blankslate (2.1.2.4)
    chunky_png (1.2.7)
    colorize (0.5.8)
    columnize (0.3.6)
    commonjs (0.2.6)
    compass (0.12.2)
      chunky_png (~> 1.2)
      fssm (>= 0.2.7)
      sass (~> 3.1)
    debugger (1.6.0)
      columnize (>= 0.3.1)
      debugger-linecache (~> 1.2.0)
      debugger-ruby_core_source (~> 1.2.1)
    debugger-linecache (1.2.0)
    debugger-ruby_core_source (1.2.2)
    fssm (0.2.10)
    less (2.3.1)
      commonjs (~> 0.2.6)
    libv8 (3.11.8.17)
    m (1.3.1)
      method_source (>= 0.6.7)
      rake (>= 0.9.2.2)
    method_source (0.8.1)
    minitest (2.12.1)
    minitest-rg (1.1.0)
    parslet (1.5.0)
      blankslate (~> 2.0)
    rake (10.0.3)
    ref (1.0.4)
    ruby-prof (0.13.0)
    sass (3.2.7)
    therubyracer (0.11.4)
      libv8 (~> 3.11.8.12)
      ref

PLATFORMS
  ruby

DEPENDENCIES
  compass
  csscss!
  debugger
  less
  m
  minitest
  minitest-rg
  rake
  ruby-prof
  sass
  therubyracer
